GIT
  remote: git@github.com:opscode/mixlib-config.git
  revision: f09a2f09e30b6588567da564ea89abcd8fdb98d4
  specs:
    mixlib-config (1.1.2)

PATH
  remote: ../opscode-pedant-core
  specs:
    opscode-pedant-core (0.0.1)
      chef
      erubis
      mixlib-authentication
      mixlib-config
      mixlib-shellout
      net-http-spy
      rest-client
      rspec
      rspec_junit_formatter

PATH
  remote: ../opscode-pedant-opc-core
  specs:
    opscode-pedant-opc-core (0.0.1)

PATH
  remote: ../opscode-pedant-opc-tests
  specs:
    opscode-pedant-opc-tests (0.0.1)

PATH
  remote: ../opscode-pedant-oss-tests
  specs:
    opscode-pedant-oss-tests (0.0.1)

GEM
  remote: http://rubygems.org/
  specs:
    builder (3.0.0)
    bunny (0.8.0)
    chef (10.12.0)
      bunny (>= 0.6.0)
      erubis
      highline (>= 1.6.9)
      json (>= 1.4.4, <= 1.6.1)
      mixlib-authentication (>= 1.1.0)
      mixlib-cli (>= 1.1.0)
      mixlib-config (>= 1.1.2)
      mixlib-log (>= 1.3.0)
      mixlib-shellout
      moneta
      net-ssh (~> 2.2.2)
      net-ssh-multi (~> 1.1.0)
      ohai (>= 0.6.0)
      rest-client (>= 1.0.4, < 1.7.0)
      treetop (~> 1.4.9)
      uuidtools
      yajl-ruby (~> 1.1)
    diff-lcs (1.1.3)
    erubis (2.7.0)
    highline (1.6.13)
    ipaddress (0.8.0)
    json (1.6.1)
    mime-types (1.19)
    mixlib-authentication (1.1.4)
      mixlib-log
    mixlib-cli (1.2.2)
    mixlib-log (1.4.1)
    mixlib-shellout (1.0.0)
    moneta (0.6.0)
    net-http-spy (0.2.1)
    net-ssh (2.2.2)
    net-ssh-gateway (1.1.0)
      net-ssh (>= 1.99.1)
    net-ssh-multi (1.1)
      net-ssh (>= 2.1.4)
      net-ssh-gateway (>= 0.99.0)
    ohai (6.14.0)
      ipaddress
      mixlib-cli
      mixlib-config
      mixlib-log
      systemu
      yajl-ruby
    polyglot (0.3.3)
    rest-client (1.6.7)
      mime-types (>= 1.16)
    rspec (2.11.0)
      rspec-core (~> 2.11.0)
      rspec-expectations (~> 2.11.0)
      rspec-mocks (~> 2.11.0)
    rspec-core (2.11.1)
    rspec-expectations (2.11.1)
      diff-lcs (~> 1.1.3)
    rspec-mocks (2.11.1)
    rspec_junit_formatter (0.1.1)
      builder
      rspec (~> 2.0)
    systemu (2.5.2)
    treetop (1.4.10)
      polyglot
      polyglot (>= 0.3.1)
    uuidtools (2.1.3)
    yajl-ruby (1.1.0)

PLATFORMS
  ruby

DEPENDENCIES
  mixlib-config (= 1.1.2)!
  opscode-pedant-core!
  opscode-pedant-opc-core!
  opscode-pedant-opc-tests!
  opscode-pedant-oss-tests!
