GIT
  remote: git@github.com:opscode/omnibus-ruby.git
  revision: dbf8954451321a8a0a783af551bab07c3ac4dd28
  specs:
    omnibus (0.1)
      fpm
      mixlib-shellout (~> 1.0)
      ohai (>= 0.6.12.rc.1)
      rake (>= 0.9)

GEM
  remote: http://rubygems.org/
  specs:
    fpm (0.3.11)
      json
    json (1.6.5)
    mixlib-cli (1.2.2)
    mixlib-config (1.1.2)
    mixlib-log (1.3.0)
    mixlib-shellout (1.0.0)
    ohai (0.6.12.rc.1)
      mixlib-cli
      mixlib-config
      mixlib-log
      systemu (~> 2.2.0)
      yajl-ruby
    rake (0.9.2.2)
    systemu (2.2.0)
    yajl-ruby (1.1.0)

PLATFORMS
  ruby

DEPENDENCIES
  omnibus!
