GEM
  remote: https://rubygems.org/
  specs:
    bcrypt (3.1.9)
    bcrypt-ruby (3.1.5)
      bcrypt (>= 3.1.3)
    json (1.8.1)
    macaddr (1.7.1)
      systemu (~> 2.6.2)
    mime-types (1.25.1)
    rake (10.4.2)
    rb-appscript (0.6.1)
    rdoc (4.1.2)
      json (~> 1.4)
    rest-client (1.6.8)
      mime-types (~> 1.16)
      rdoc (>= 2.4.2)
    rspec (1.3.0)
    sequel (3.34.1)
    systemu (2.6.4)
    uuid (2.3.7)
      macaddr (~> 1.0)

PLATFORMS
  ruby

DEPENDENCIES
  bcrypt-ruby
  json
  rake
  rb-appscript
  rest-client (~> 1.6.0)
  rspec (= 1.3.0)
  sequel (~> 3.34.1)
  uuid
