GIT
  remote: git://github.com/opscode/chef.git
  revision: 670c0133a5955f98ae3b2f0a00729ec946a2a7f4
  branch: master
  specs:
    chef (12.2.0.dev.0)
      chef-zero (~> 3.2)
      diff-lcs (~> 1.2, >= 1.2.4)
      erubis (~> 2.7)
      ffi-yajl (~> 1.2)
      highline (~> 1.6, >= 1.6.9)
      mixlib-authentication (~> 1.3)
      mixlib-cli (~> 1.4)
      mixlib-config (~> 2.0)
      mixlib-log (~> 1.3)
      mixlib-shellout (>= 2.0.0.rc.0, < 3.0)
      net-ssh (~> 2.6)
      net-ssh-multi (~> 1.1)
      ohai (>= 7.6.0.rc.0)
      plist (~> 3.1.0)
      pry (~> 0.9)

GIT
  remote: git@github.com:opscode/aws-s3.git
  revision: 182c8224f36590f34f85da8958b82a65b059026c
  specs:
    aws-s3 (0.6.2.1272580952)
      builder
      mime-types
      xml-simple

GEM
  remote: https://rubygems.org/
  specs:
    activemodel (4.1.7)
      activesupport (= 4.1.7)
      builder (~> 3.1)
    activesupport (4.1.7)
      i18n (~> 0.6, >= 0.6.9)
      json (~> 1.7, >= 1.7.7)
      minitest (~> 5.1)
      thread_safe (~> 0.1)
      tzinfo (~> 1.1)
    builder (3.2.2)
    chef-zero (3.2)
      ffi-yajl (~> 1.1)
      hashie (~> 2.0)
      mixlib-log (~> 1.3)
      rack
      uuidtools (~> 2.1)
    coderay (1.1.0)
    diff-lcs (1.2.5)
    erubis (2.7.0)
    ffi (1.9.6)
    ffi-yajl (1.2.0)
      ffi (~> 1.5)
      libyajl2 (~> 1.0)
    hashie (2.1.2)
    highline (1.6.21)
    i18n (0.6.11)
    ipaddress (0.8.0)
    json (1.8.1)
    libyajl2 (1.1.0)
    method_source (0.8.2)
    mime-types (1.25.1)
    minitest (5.4.2)
    mixlib-authentication (1.3.0)
      mixlib-log
    mixlib-cli (1.5.0)
    mixlib-config (2.1.0)
    mixlib-log (1.6.0)
    mixlib-shellout (2.0.0.rc.1)
    net-dhcp (1.3.1)
    net-ssh (2.9.1)
    net-ssh-gateway (1.2.0)
      net-ssh (>= 2.6.5)
    net-ssh-multi (1.2.0)
      net-ssh (>= 2.6.5)
      net-ssh-gateway (>= 1.2.0)
    ohai (7.6.0.rc.1)
      ffi (~> 1.9)
      ffi-yajl (~> 1.1)
      ipaddress
      mime-types (~> 1.16)
      mixlib-cli
      mixlib-config (~> 2.0)
      mixlib-log
      mixlib-shellout (>= 2.0.0.rc.0, < 3.0)
      net-dhcp
      rake (~> 10.1)
      systemu (~> 2.6.4)
      wmi-lite (~> 1.0)
    pg (0.16.0)
    plist (3.1.0)
    pry (0.10.1)
      coderay (~> 1.1.0)
      method_source (~> 0.8.1)
      slop (~> 3.4)
    rack (1.5.2)
    rake (10.3.2)
    rb-appscript (0.6.1)
    rdoc (4.1.2)
      json (~> 1.4)
    rest-client (1.6.8)
      mime-types (~> 1.16)
      rdoc (>= 2.4.2)
    rspec (1.3.0)
    sequel (3.34.1)
    slop (3.6.0)
    systemu (2.6.4)
    thread_safe (0.3.4)
    tzinfo (1.2.2)
      thread_safe (~> 0.1)
    uuidtools (2.1.5)
    wmi-lite (1.0.0)
    xml-simple (1.1.4)

PLATFORMS
  ruby

DEPENDENCIES
  activemodel
  aws-s3!
  chef!
  json
  pg (~> 0.16.0)
  rake
  rb-appscript
  rest-client (~> 1.6.0)
  rspec (= 1.3.0)
  sequel (~> 3.34.1)
