GEM
  remote: http://rubygems.org/
  specs:
    highline (1.6.2)
    pg (0.13.0)
    sequel (3.34.1)
    yajl-ruby (1.1.0)

PLATFORMS
  ruby

DEPENDENCIES
  highline
  pg
  sequel
  yajl-ruby
