GIT
  remote: git@github.com:opscode/chef-sql-schema.git
  revision: fa0bf81a09c7f90da14df5bd5a8f93a1495eb3b5
  branch: master
  specs:
    chef-sql-schema (1.0.0)
      sequel (~> 3.34.1)

GEM
  remote: http://www.rubygems.org/
  specs:
    mysql2 (0.3.11)
    pg (0.14.0)
    sequel (3.34.1)

PLATFORMS
  ruby

DEPENDENCIES
  chef-sql-schema!
  mysql2
  pg
