GIT
  remote: git@github.com:opscode/mixlib-authorization.git
  revision: 42fd03337d5f877039889ee5d963067e2161d93f
  specs:
    mixlib-authorization (1.3.0)
      activemodel
      mixlib-authentication
      mixlib-config
      mixlib-log
      rest-client
      sequel (~> 3.34.1)

GEM
  remote: http://www.rubygems.org/
  specs:
    activemodel (3.2.6)
      activesupport (= 3.2.6)
      builder (~> 3.0.0)
    activesupport (3.2.6)
      i18n (~> 0.6)
      multi_json (~> 1.0)
    builder (3.0.0)
    i18n (0.6.0)
    mime-types (1.19)
    mixlib-authentication (1.1.4)
      mixlib-log
    mixlib-config (1.1.2)
    mixlib-log (1.4.1)
    multi_json (1.3.6)
    mysql2 (0.3.11)
    pg (0.14.0)
    rest-client (1.6.7)
      mime-types (>= 1.16)
    sequel (3.34.1)

PLATFORMS
  ruby

DEPENDENCIES
  mixlib-authorization!
  mysql2
  pg
